GEM
  remote: https://rubygems.org/
  specs:
    activesupport (5.2.6)
      concurrent-ruby (~> 1.0, >= 1.0.2)
      i18n (>= 0.7, < 2)
      minitest (~> 5.1)
      tzinfo (~> 1.1)
    concurrent-ruby (1.1.9)
    i18n (1.8.10)
      concurrent-ruby (~> 1.0)
    json (2.5.1)
    jsonapi-serializers (1.0.1)
      activesupport
    minitest (5.14.4)
    multi_json (1.15.0)
    mustermann (1.1.1)
      ruby2_keywords (~> 0.0.1)
    pg (1.2.3)
    rack (2.2.3)
    rack-protection (2.1.0)
      rack
    ruby2_keywords (0.0.5)
    sequel (5.48.0)
    sinatra (2.1.0)
      mustermann (~> 1.0)
      rack (~> 2.2)
      rack-protection (= 2.1.0)
      tilt (~> 2.0)
    sinatra-contrib (2.1.0)
      multi_json
      mustermann (~> 1.0)
      rack-protection (= 2.1.0)
      sinatra (= 2.1.0)
      tilt (~> 2.0)
    sinja (1.3.0)
      activesupport (>= 4.2.8, < 6)
      json (>= 1.8.3, < 3)
      jsonapi-serializers (>= 0.16.2, < 2)
      sinatra (>= 2.0.0.rc1, < 3)
      sinatra-contrib (>= 2.0.0.rc1, < 3)
    sinja-sequel (0.2.0)
      sequel (>= 4.49, < 6)
      sinja (~> 1.3)
    thread_safe (0.3.6)
    tilt (2.0.10)
    tzinfo (1.2.9)
      thread_safe (~> 0.1)

PLATFORMS
  ruby

DEPENDENCIES
  pg
  sequel
  sinatra
  sinatra-contrib
  sinja
  sinja-sequel

BUNDLED WITH
   1.17.3
